PATH
  remote: .
  specs:
    fratterhorn (0.1.1)

GEM
  remote: https://rubygems.org/
  specs:
    minitest (5.14.0)
    rake (13.0.1)

PLATFORMS
  ruby

DEPENDENCIES
  bundler (~> 1.17)
  fratterhorn!
  minitest (~> 5.0)
  rake

BUNDLED WITH
   1.17.2
